GEM
  remote: http://rubygems.org/
  specs:
    highline (1.6.20)
    sqlite3 (1.3.8)

PLATFORMS
  ruby

DEPENDENCIES
  highline
  sqlite3
